GIT
  remote: git://github.com/nanoc/nanoc-breadcrumbs.git
  revision: 965287acc4a5f85fbe52b7ebc94d1663c29eeff8
  specs:
    nanoc-breadcrumbs (1.0.0)
      nanoc-core

GIT
  remote: git://github.com/nanoc/nanoc-capturing.git
  revision: dafb0d1567ab17c346c24853374cefc85a4d28d0
  specs:
    nanoc-capturing (1.0.0)
      nanoc-core

GIT
  remote: git://github.com/nanoc/nanoc-cli.git
  revision: 543686bfc2edf2642261087fb2f8fa2620250bcf
  specs:
    nanoc-cli (4.0.0a1)
      cri (~> 2.3)
      nanoc-core (~> 4.0.0a1)

GIT
  remote: git://github.com/nanoc/nanoc-colorize_syntax.git
  revision: 2dc676eeaa60327705cdbedd0b0e97eb0ebd7318
  specs:
    nanoc-colorize_syntax (1.0.0)
      nanoc-core
      nokogiri

GIT
  remote: git://github.com/nanoc/nanoc-escaping.git
  revision: df64257bbf4673cc59a1b78b3ba9d18d39ab1627
  specs:
    nanoc-escaping (1.0.0)
      nanoc-capturing
      nanoc-core

GIT
  remote: git://github.com/nanoc/nanoc-filtering.git
  revision: c1b906a2b6c80ece2735237c42c0a6045a368763
  specs:
    nanoc-filtering (1.0.0)
      nanoc-capturing
      nanoc-core

GIT
  remote: git://github.com/nanoc/nanoc-kramdown.git
  revision: 44e4a3b713a71e30507e69a22b7f8cf1edc50f37
  specs:
    nanoc-kramdown (1.0.0)
      kramdown
      nanoc-core

GIT
  remote: git://github.com/nanoc/nanoc-linking.git
  revision: deaf9d5bf01e30dec69bbf778f74dbeb5f71c4b7
  specs:
    nanoc-linking (1.0.0)
      nanoc-core
      nanoc-escaping

GIT
  remote: git://github.com/nanoc/nanoc-rainpress.git
  revision: 64706153b91bcd95c3f4174a43672d2f82b12dcd
  specs:
    nanoc-rainpress (1.0.0)
      nanoc-core
      rainpress

GIT
  remote: git://github.com/nanoc/nanoc-relativize_paths.git
  revision: 342b071e1205650d24b991b61430300ef6ec3da8
  specs:
    nanoc-relativize_paths (1.0.0)
      nanoc-core
      nanoc-linking
      nokogiri

GIT
  remote: git://github.com/nanoc/nanoc-rendering.git
  revision: 2ef7769bc90b1afd6f4e1fe8a633ec68cea89a89
  specs:
    nanoc-rendering (1.0.0)
      nanoc-capturing
      nanoc-core

GIT
  remote: git://github.com/nanoc/nanoc-sass.git
  revision: eba233dab2512ac2766c654ac6c1e7df38f1a6bd
  specs:
    nanoc-sass (1.0.0)
      nanoc-core
      sass

GIT
  remote: git://github.com/nanoc/nanoc-xml_sitemap.git
  revision: de5386a58c8da2dd7d097c7306545bb6a07951dc
  specs:
    nanoc-xml_sitemap (1.0.0)
      builder
      nanoc-core

PATH
  remote: ~/Documents/Development/nanoc/repos/nanoc-core
  specs:
    nanoc-core (4.0.0a1)
      ddplugin

GEM
  remote: https://rubygems.org/
  specs:
    adsf (1.2.0)
      rack (>= 1.0.0)
    builder (3.2.2)
    chunky_png (1.2.9)
    coderay (1.1.0)
    colored (1.2)
    compass (0.12.2)
      chunky_png (~> 1.2)
      fssm (>= 0.2.7)
      sass (~> 3.1)
    cri (2.4.1)
      colored (>= 1.2)
    ddplugin (0.1)
    fssm (0.2.10)
    haml (4.0.4)
      tilt
    kramdown (1.3.0)
    mini_portile (0.5.2)
    nokogiri (1.6.0)
      mini_portile (~> 0.5.0)
    rack (1.5.2)
    rainpress (1.0)
    rubypants (0.2.0)
    sass (3.2.12)
    susy (1.0.9)
      compass (>= 0.12.2)
      sass (>= 3.2.0)
    systemu (2.6.0)
    tilt (2.0.0)
    yard (0.8.7.3)

PLATFORMS
  ruby

DEPENDENCIES
  adsf
  builder
  coderay
  compass
  haml
  kramdown
  nanoc-breadcrumbs!
  nanoc-capturing!
  nanoc-cli!
  nanoc-colorize_syntax!
  nanoc-core!
  nanoc-escaping!
  nanoc-filtering!
  nanoc-kramdown!
  nanoc-linking!
  nanoc-rainpress!
  nanoc-relativize_paths!
  nanoc-rendering!
  nanoc-sass!
  nanoc-xml_sitemap!
  nokogiri
  rainpress
  rubypants
  susy
  systemu
  yard
